PATH
  remote: .
  specs:
    baseline (1.0)

GEM
  remote: https://rubygems.org/
  specs:

PLATFORMS
  ruby

DEPENDENCIES
  baseline!

BUNDLED WITH
   2.4.2
